PATH
  remote: .
  specs:
    neo-viz (0.0.1)
      neo4j
      sinatra
      sinatra-reloader

GEM
  remote: http://rubygems.org/
  specs:
    backports (2.2.1)
    diff-lcs (1.1.2)
    monkey-lib (0.5.4)
      backports
    neo4j (0.4.6)
    rack (1.3.0)
    rack-test (0.6.0)
      rack (>= 1.0)
    rspec (2.6.0)
      rspec-core (~> 2.6.0)
      rspec-expectations (~> 2.6.0)
      rspec-mocks (~> 2.6.0)
    rspec-core (2.6.3)
    rspec-expectations (2.6.0)
      diff-lcs (~> 1.1.2)
    rspec-mocks (2.6.0)
    sinatra (1.2.6)
      rack (~> 1.1)
      tilt (>= 1.2.2, < 2.0)
    sinatra-advanced-routes (0.5.1)
      monkey-lib (~> 0.5.0)
      sinatra (~> 1.0)
      sinatra-sugar (~> 0.5.0)
    sinatra-reloader (0.5.0)
      sinatra (~> 1.0)
      sinatra-advanced-routes (~> 0.5.0)
    sinatra-sugar (0.5.1)
      monkey-lib (~> 0.5.0)
      sinatra (~> 1.0)
    tilt (1.3.2)

PLATFORMS
  java
  ruby

DEPENDENCIES
  neo-viz!
  rack-test
  rspec
